GEM
  remote: https://rubygems.org/
  specs:

PLATFORMS
  java

DEPENDENCIES

BUNDLED WITH
   1.16.1
